GEM
  remote: https://rubygems.org/
  specs:
    cane (2.6.1)
      parallel
    coderay (1.1.0)
    diff-lcs (1.2.5)
    docile (1.1.2)
    hashie (2.1.1)
    interpol (0.10.6)
      json-schema (~> 1.1.1)
      rack
    json-schema (1.1.1)
    method_source (0.8.2)
    multi_json (1.8.4)
    parallel (0.9.2)
    pg (0.17.1)
    pry (0.9.12.4)
      coderay (~> 1.0)
      method_source (~> 0.8)
      slop (~> 3.4)
    rack (1.5.2)
    rack-protection (1.5.1)
      rack
    rake (10.1.1)
    rspec (3.0.0.beta1)
      rspec-core (= 3.0.0.beta1)
      rspec-expectations (= 3.0.0.beta1)
      rspec-mocks (= 3.0.0.beta1)
    rspec-core (3.0.0.beta1)
    rspec-expectations (3.0.0.beta1)
      diff-lcs (>= 1.1.3, < 2.0)
      rspec-support (= 3.0.0.beta1)
    rspec-mocks (3.0.0.beta1)
    rspec-support (3.0.0.beta1)
    sequel (4.6.0)
    simplecov (0.8.2)
      docile (~> 1.1.0)
      multi_json
      simplecov-html (~> 0.8.0)
    simplecov-html (0.8.0)
    sinatra (1.4.4)
      rack (~> 1.4)
      rack-protection (~> 1.4)
      tilt (~> 1.3, >= 1.3.4)
    slop (3.4.7)
    tilt (1.4.1)

PLATFORMS
  ruby

DEPENDENCIES
  cane
  hashie
  interpol
  pg
  pry
  rake
  rspec (~> 3.0.0.beta1)
  sequel
  simplecov
  sinatra
