GEM
  remote: https://rubygems.org/
  specs:
    cane (2.6.1)
      parallel
    diff-lcs (1.2.5)
    parallel (0.9.2)
    pg (0.17.1)
    rack (1.5.2)
    rack-protection (1.5.1)
      rack
    rake (10.1.1)
    rspec (3.0.0.beta1)
      rspec-core (= 3.0.0.beta1)
      rspec-expectations (= 3.0.0.beta1)
      rspec-mocks (= 3.0.0.beta1)
    rspec-core (3.0.0.beta1)
    rspec-expectations (3.0.0.beta1)
      diff-lcs (>= 1.1.3, < 2.0)
      rspec-support (= 3.0.0.beta1)
    rspec-mocks (3.0.0.beta1)
    rspec-support (3.0.0.beta1)
    sequel (4.6.0)
    sinatra (1.4.4)
      rack (~> 1.4)
      rack-protection (~> 1.4)
      tilt (~> 1.3, >= 1.3.4)
    tilt (1.4.1)

PLATFORMS
  ruby

DEPENDENCIES
  cane
  pg
  rake
  rspec (~> 3.0.0.beta1)
  sequel
  sinatra
